GIT
  remote: git://github.com/stefanpenner/country_select.git
  revision: dec79e6132f76560d55aae956704e066efd61383
  specs:
    country_select (4.0.0)
      countries (~> 3.0)
      sort_alphabetical (~> 1.0)

GEM
  remote: https://rubygems.org/
  specs:
    actionmailer (4.2.11)
      actionpack (= 4.2.11)
      actionview (= 4.2.11)
      activejob (= 4.2.11)
      mail (~> 2.5, >= 2.5.4)
      rails-dom-testing (~> 1.0, >= 1.0.5)
    actionpack (4.2.11)
      actionview (= 4.2.11)
      activesupport (= 4.2.11)
      rack (~> 1.6)
      rack-test (~> 0.6.2)
      rails-dom-testing (~> 1.0, >= 1.0.5)
      rails-html-sanitizer (~> 1.0, >= 1.0.2)
    actionview (4.2.11)
      activesupport (= 4.2.11)
      builder (~> 3.1)
      erubis (~> 2.7.0)
      rails-dom-testing (~> 1.0, >= 1.0.5)
      rails-html-sanitizer (~> 1.0, >= 1.0.3)
    activejob (4.2.11)
      activesupport (= 4.2.11)
      globalid (>= 0.3.0)
    activemodel (4.2.11)
      activesupport (= 4.2.11)
      builder (~> 3.1)
    activerecord (4.2.11)
      activemodel (= 4.2.11)
      activesupport (= 4.2.11)
      arel (~> 6.0)
    activesupport (4.2.11)
      i18n (~> 0.7)
      minitest (~> 5.1)
      thread_safe (~> 0.3, >= 0.3.4)
      tzinfo (~> 1.1)
    arel (6.0.4)
    bcrypt (3.1.13)
    binding_of_caller (0.8.0)
      debug_inspector (>= 0.0.1)
    builder (3.2.4)
    byebug (11.1.1)
    coffee-rails (4.1.1)
      coffee-script (>= 2.2.0)
      railties (>= 4.0.0, < 5.1.x)
    coffee-script (2.4.1)
      coffee-script-source
      execjs
    coffee-script-source (1.12.2)
    concurrent-ruby (1.1.6)
    countries (3.0.1)
      i18n_data (~> 0.10.0)
      sixarm_ruby_unaccent (~> 1.1)
      unicode_utils (~> 1.4)
    crass (1.0.6)
    debug_inspector (0.0.3)
    erubis (2.7.0)
    execjs (2.7.0)
    ffi (1.12.2)
    globalid (0.4.2)
      activesupport (>= 4.2.0)
    i18n (0.9.5)
      concurrent-ruby (~> 1.0)
    i18n_data (0.10.0)
    jbuilder (2.9.1)
      activesupport (>= 4.2.0)
    jquery-rails (4.3.5)
      rails-dom-testing (>= 1, < 3)
      railties (>= 4.2.0)
      thor (>= 0.14, < 2.0)
    json (1.8.6)
    kgio (2.11.3)
    loofah (2.4.0)
      crass (~> 1.0.2)
      nokogiri (>= 1.5.9)
    mail (2.7.1)
      mini_mime (>= 0.1.1)
    mini_mime (1.0.2)
    mini_portile2 (2.4.0)
    minitest (5.14.0)
    mysql2 (0.3.21)
    nokogiri (1.10.9)
      mini_portile2 (~> 2.4.0)
    rack (1.6.13)
    rack-test (0.6.3)
      rack (>= 1.0)
    rails (4.2.11)
      actionmailer (= 4.2.11)
      actionpack (= 4.2.11)
      actionview (= 4.2.11)
      activejob (= 4.2.11)
      activemodel (= 4.2.11)
      activerecord (= 4.2.11)
      activesupport (= 4.2.11)
      bundler (>= 1.3.0, < 2.0)
      railties (= 4.2.11)
      sprockets-rails
    rails-deprecated_sanitizer (1.0.3)
      activesupport (>= 4.2.0.alpha)
    rails-dom-testing (1.0.9)
      activesupport (>= 4.2.0, < 5.0)
      nokogiri (~> 1.6)
      rails-deprecated_sanitizer (>= 1.0.1)
    rails-html-sanitizer (1.3.0)
      loofah (~> 2.3)
    rails_12factor (0.0.3)
      rails_serve_static_assets
      rails_stdout_logging
    rails_serve_static_assets (0.0.5)
    rails_stdout_logging (0.0.5)
    railties (4.2.11)
      actionpack (= 4.2.11)
      activesupport (= 4.2.11)
      rake (>= 0.8.7)
      thor (>= 0.18.1, < 2.0)
    raindrops (0.19.1)
    rake (13.0.1)
    rb-fsevent (0.10.3)
    rb-inotify (0.10.1)
      ffi (~> 1.0)
    rdoc (4.3.0)
    sass (3.7.4)
      sass-listen (~> 4.0.0)
    sass-listen (4.0.0)
      rb-fsevent (~> 0.9, >= 0.9.4)
      rb-inotify (~> 0.9, >= 0.9.7)
    sass-rails (5.0.7)
      railties (>= 4.0.0, < 6)
      sass (~> 3.1)
      sprockets (>= 2.8, < 4.0)
      sprockets-rails (>= 2.0, < 4.0)
      tilt (>= 1.1, < 3)
    sdoc (0.4.2)
      json (~> 1.7, >= 1.7.7)
      rdoc (~> 4.0)
    sixarm_ruby_unaccent (1.2.0)
    sort_alphabetical (1.1.0)
      unicode_utils (>= 1.2.2)
    spring (2.1.0)
    sprockets (3.7.2)
      concurrent-ruby (~> 1.0)
      rack (> 1, < 3)
    sprockets-rails (3.2.1)
      actionpack (>= 4.0)
      activesupport (>= 4.0)
      sprockets (>= 3.0.0)
    thor (1.0.1)
    thread_safe (0.3.6)
    tilt (2.0.10)
    turbolinks (5.2.1)
      turbolinks-source (~> 5.2)
    turbolinks-source (5.2.0)
    tzinfo (1.2.6)
      thread_safe (~> 0.1)
    tzinfo-data (1.2019.3)
      tzinfo (>= 1.0.0)
    uglifier (4.2.0)
      execjs (>= 0.3.0, < 3)
    unicode_utils (1.4.0)
    unicorn (5.5.3)
      kgio (~> 2.6)
      raindrops (~> 0.7)
    web-console (2.3.0)
      activemodel (>= 4.0)
      binding_of_caller (>= 0.7.2)
      railties (>= 4.0)
      sprockets-rails (>= 2.0, < 4.0)
    will_paginate (3.1.8)

PLATFORMS
  ruby

DEPENDENCIES
  bcrypt (~> 3.1.7)
  byebug
  coffee-rails (~> 4.1.0)
  country_select!
  jbuilder (~> 2.0)
  jquery-rails
  mysql2 (~> 0.3.20)
  rails (= 4.2.11)
  rails_12factor
  sass-rails (~> 5.0)
  sdoc (~> 0.4.0)
  spring
  turbolinks
  tzinfo-data
  uglifier (>= 1.3.0)
  unicorn
  web-console (~> 2.0)
  will_paginate (~> 3.1.0)

RUBY VERSION
   ruby 2.6.4p104

BUNDLED WITH
   1.17.2
